GEM
  remote: https://rubygems.org/
  specs:
    activesupport (5.0.0.1)
      concurrent-ruby (~> 1.0, >= 1.0.2)
      i18n (~> 0.7)
      minitest (~> 5.1)
      tzinfo (~> 1.1)
    addressable (2.4.0)
    backports (3.6.8)
    chronic (0.10.2)
    concurrent-ruby (1.0.2)
    declarative (0.0.8)
      uber (>= 0.0.15)
    disposable (0.3.2)
      declarative (>= 0.0.8, < 1.0.0)
      representable (>= 2.4.0, <= 3.1.0)
      uber
    dry-configurable (0.1.7)
      concurrent-ruby (~> 1.0)
    dry-container (0.4.0)
      concurrent-ruby (~> 1.0)
      dry-configurable (~> 0.1, >= 0.1.3)
    dry-equalizer (0.2.0)
    dry-logic (0.3.0)
      dry-container (~> 0.2, >= 0.2.6)
      dry-equalizer (~> 0.2)
    dry-monads (0.1.0)
      dry-equalizer
    dry-types (0.8.1)
      concurrent-ruby (~> 1.0)
      dry-configurable (~> 0.1)
      dry-container (~> 0.3)
      dry-equalizer (~> 0.2)
      dry-logic (~> 0.3, >= 0.3.0)
      dry-monads (>= 0.0.1)
      ice_nine (~> 0.11)
      inflecto (~> 0.0.0, >= 0.0.2)
    dry-validation (0.9.5)
      concurrent-ruby (~> 1.0)
      dry-configurable (~> 0.1, >= 0.1.3)
      dry-container (~> 0.2, >= 0.2.8)
      dry-equalizer (~> 0.2)
      dry-logic (~> 0.3, >= 0.3.0)
      dry-types (~> 0.8, >= 0.8.1)
    faraday (0.9.2)
      multipart-post (>= 1.2, < 3)
    hiredis (0.6.1)
    httparty (0.14.0)
      multi_xml (>= 0.5.2)
    i18n (0.7.0)
    ice_nine (0.11.2)
    inflecto (0.0.2)
    logglier (0.5.0)
      multi_json (~> 1)
    memoist (0.15.0)
    minitest (5.9.0)
    multi_json (1.12.1)
    multi_xml (0.5.5)
    multipart-post (2.0.0)
    nido (1.0.0)
    ohm (3.0.3)
      nido
      redic (~> 1.5.0)
      stal
    ohm-contrib (3.0.0)
      ohm (~> 3.0)
    puma (3.6.0)
    rack (1.6.4)
    rack-protection (1.5.3)
      rack
    rack-test (0.6.3)
      rack (>= 1.0)
    rack-timeout (0.4.2)
    rake (11.2.2)
    redic (1.5.0)
      hiredis
    redis (3.3.1)
    redis-namespace (1.5.2)
      redis (~> 3.0, >= 3.0.4)
    reform (2.2.1)
      disposable (>= 0.3.0, < 0.4.0)
      representable (>= 2.4.0, < 3.1.0)
      uber (~> 0.0.11)
    representable (3.0.0)
      declarative (~> 0.0.5)
      uber (~> 0.0.15)
    retries (0.0.5)
    sentry-raven (0.15.2)
      faraday (>= 0.7.6)
    sinatra (1.4.7)
      rack (~> 1.5)
      rack-protection (~> 1.4)
      tilt (>= 1.3, < 3)
    sinatra-contrib (1.4.7)
      backports (>= 2.0)
      multi_json
      rack-protection
      rack-test
      sinatra (~> 1.4.0)
      tilt (>= 1.3, < 3)
    stal (0.1.0)
      redic
    thread (0.2.2)
    thread_safe (0.3.5)
    tilt (2.0.5)
    trailblazer (1.1.1)
      declarative
      reform (>= 2.0.0, < 3.0.0)
      uber (>= 0.0.15)
    tzinfo (1.2.2)
      thread_safe (~> 0.1)
    uber (0.0.15)
    whenever (0.9.7)
      chronic (>= 0.6.3)

PLATFORMS
  ruby

DEPENDENCIES
  activesupport (= 5.0.0.1)
  addressable (= 2.4.0)
  dry-validation (= 0.9.5)
  httparty (= 0.14.0)
  logglier (= 0.5.0)
  memoist (= 0.15.0)
  ohm (= 3.0.3)
  ohm-contrib (= 3.0.0)
  puma (= 3.6.0)
  rack-timeout (= 0.4.2)
  rake (= 11.2.2)
  redic (= 1.5.0)
  redis-namespace (= 1.5.2)
  reform (= 2.2.1)
  retries (= 0.0.5)
  sentry-raven (= 0.15.2)
  sinatra (= 1.4.7)
  sinatra-contrib (= 1.4.7)
  thread (= 0.2.2)
  trailblazer (= 1.1.1)
  whenever (= 0.9.7)

BUNDLED WITH
   1.12.5
