GEM
  remote: https://rubygems.org/
  specs:
    activesupport (5.0.2)
      concurrent-ruby (~> 1.0, >= 1.0.2)
      i18n (~> 0.7)
      minitest (~> 5.1)
      tzinfo (~> 1.1)
    addressable (2.5.1)
      public_suffix (~> 2.0, >= 2.0.2)
    airbrussh (1.1.2)
      sshkit (>= 1.6.1, != 1.7.0)
    backports (3.7.0)
    capistrano (3.8.0)
      airbrussh (>= 1.0.0)
      i18n
      rake (>= 10.0.0)
      sshkit (>= 1.9.0)
    capistrano-bundler (1.2.0)
      capistrano (~> 3.1)
      sshkit (~> 1.2)
    capistrano-rbenv (2.1.0)
      capistrano (~> 3.1)
      sshkit (~> 1.3)
    capistrano3-puma (3.1.0)
      capistrano (~> 3.7)
      capistrano-bundler
      puma (~> 3.4)
    chronic (0.10.2)
    concurrent-ruby (1.0.5)
    declarative (0.0.9)
    declarative-builder (0.1.0)
      declarative-option (< 0.2.0)
    declarative-option (0.1.0)
    disposable (0.4.2)
      declarative (>= 0.0.9, < 1.0.0)
      declarative-builder (< 0.2.0)
      declarative-option (< 0.2.0)
      representable (>= 2.4.0, <= 3.1.0)
      uber (< 0.2.0)
    dry-configurable (0.6.2)
      concurrent-ruby (~> 1.0)
    dry-container (0.6.0)
      concurrent-ruby (~> 1.0)
      dry-configurable (~> 0.1, >= 0.1.3)
    dry-core (0.2.4)
      concurrent-ruby (~> 1.0)
    dry-equalizer (0.2.0)
    dry-logic (0.4.1)
      dry-container (~> 0.2, >= 0.2.6)
      dry-core (~> 0.2)
      dry-equalizer (~> 0.2)
    dry-types (0.9.4)
      concurrent-ruby (~> 1.0)
      dry-configurable (~> 0.1)
      dry-container (~> 0.3)
      dry-core (~> 0.2, >= 0.2.1)
      dry-equalizer (~> 0.2)
      dry-logic (~> 0.4, >= 0.4.0)
      inflecto (~> 0.0.0, >= 0.0.2)
    dry-validation (0.10.5)
      concurrent-ruby (~> 1.0)
      dry-configurable (~> 0.1, >= 0.1.3)
      dry-core (~> 0.2, >= 0.2.1)
      dry-equalizer (~> 0.2)
      dry-logic (~> 0.4, >= 0.4.0)
      dry-types (~> 0.9, >= 0.9.0)
    faraday (0.12.0.1)
      multipart-post (>= 1.2, < 3)
    hiredis (0.6.1)
    httparty (0.14.0)
      multi_xml (>= 0.5.2)
    i18n (0.8.1)
    inflecto (0.0.2)
    logglier (0.5.0)
      multi_json (~> 1)
    memoist (0.15.0)
    minitest (5.10.1)
    multi_json (1.12.1)
    multi_xml (0.6.0)
    multipart-post (2.0.0)
    mustermann (1.0.0)
    nest (3.0.0)
      redic
    net-scp (1.2.1)
      net-ssh (>= 2.6.5)
    net-ssh (4.1.0)
    ohm (3.1.1)
      nest (~> 3)
      redic (~> 1.5.0)
      stal
    ohm-contrib (3.0.0)
      ohm (~> 3.0)
    public_suffix (2.0.5)
    puma (3.8.2)
    rack (2.0.1)
    rack-protection (2.0.0.rc2)
      rack
    rack-timeout (0.4.2)
    rake (12.0.0)
    redic (1.5.0)
      hiredis
    redis (3.3.3)
    redis-namespace (1.5.2)
      redis (~> 3.0, >= 3.0.4)
    reform (2.2.4)
      disposable (>= 0.4.1)
      representable (>= 2.4.0, < 3.1.0)
    representable (3.0.3)
      declarative (< 0.1.0)
      declarative-option (< 0.2.0)
      uber (< 0.2.0)
    retries (0.0.5)
    sentry-raven (2.4.0)
      faraday (>= 0.7.6, < 1.0)
    sinatra (2.0.0.rc2)
      mustermann (= 1.0.0)
      rack (~> 2.0)
      rack-protection (= 2.0.0.rc2)
      tilt (~> 2.0)
    sinatra-contrib (2.0.0.rc2)
      backports (>= 2.0)
      multi_json
      mustermann (= 1.0.0)
      rack-protection (= 2.0.0.rc2)
      sinatra (= 2.0.0.rc2)
      tilt (>= 1.3, < 3)
    slackistrano (3.1.0)
      capistrano (>= 3.5.0)
    sshkit (1.13.1)
      net-scp (>= 1.1.2)
      net-ssh (>= 2.8.0)
    stal (0.3.0)
      redic (~> 1.5)
    thread (0.2.2)
    thread_safe (0.3.6)
    tilt (2.0.7)
    trailblazer (1.1.1)
      declarative
      reform (>= 2.0.0, < 3.0.0)
      uber (>= 0.0.15)
    tzinfo (1.2.3)
      thread_safe (~> 0.1)
    uber (0.1.0)
    whenever (0.9.7)
      chronic (>= 0.6.3)

PLATFORMS
  ruby

DEPENDENCIES
  activesupport (= 5.0.2)
  addressable (= 2.5.1)
  capistrano (= 3.8.0)
  capistrano-bundler (= 1.2.0)
  capistrano-rbenv (= 2.1.0)
  capistrano3-puma (= 3.1.0)
  dry-validation (= 0.10.5)
  httparty (= 0.14.0)
  logglier (= 0.5.0)
  memoist (= 0.15.0)
  ohm (= 3.1.1)
  ohm-contrib (= 3.0.0)
  puma (= 3.8.2)
  rack-timeout (= 0.4.2)
  rake (= 12.0.0)
  redic (= 1.5.0)
  redis-namespace (= 1.5.2)
  reform (= 2.2.4)
  retries (= 0.0.5)
  sentry-raven (= 2.4.0)
  sinatra (= 2.0.0.rc2)
  sinatra-contrib (= 2.0.0.rc2)
  slackistrano (= 3.1.0)
  thread (= 0.2.2)
  trailblazer (= 1.1.1)
  whenever (= 0.9.7)

BUNDLED WITH
   1.14.6
